GEM
  remote: https://rubygems.org/
  specs:
    optparse (0.5.1)
    russian_obscenity (0.0.1)
    unicode (0.4.4)

PLATFORMS
  ruby

DEPENDENCIES
  optparse
  russian_obscenity
  unicode

BUNDLED WITH
  1.15.1
