GEM
  remote: https://rubygems.org/
  specs:
    OptionParser (0.5.1)
    coderay (1.1.2)
    concurrent-ruby (1.0.5)
    i18n (1.0.1)
      concurrent-ruby (~> 1.0)
    method_source (0.9.0)
    pry (0.11.3)
      coderay (~> 1.1.0)
      method_source (~> 0.9.0)
    russian (0.6.0)
      i18n (>= 0.5.0)
    russian_obscenity (0.0.1)
    terminal-table (1.8.0)
      unicode-display_width (~> 1.1, >= 1.1.1)
    unicode-display_width (1.4.0)

PLATFORMS
  ruby

DEPENDENCIES
  OptionParser
  pry
  russian
  russian_obscenity
  terminal-table

BUNDLED WITH
   1.16.1
